GEM
  specs:
    mini_portile (0.6.1)
    nokogiri (1.6.6.2)
      mini_portile (~> 0.6.0)

PLATFORMS
  ruby

DEPENDENCIES
  nokogiri
